GEM
  remote: https://rubygems.org/
  specs:
    net-http-digest_auth (1.4.1)

PLATFORMS
  ruby

DEPENDENCIES
  net-http-digest_auth

BUNDLED WITH
   2.0.2
